GEM
  remote: https://rubygems.org/
  specs:
    actioncable (6.0.4.1)
      actionpack (= 6.0.4.1)
      nio4r (~> 2.0)
      websocket-driver (>= 0.6.1)
    actionmailbox (6.0.4.1)
      actionpack (= 6.0.4.1)
      activejob (= 6.0.4.1)
      activerecord (= 6.0.4.1)
      activestorage (= 6.0.4.1)
      activesupport (= 6.0.4.1)
      mail (>= 2.7.1)
    actionmailer (6.0.4.1)
      actionpack (= 6.0.4.1)
      actionview (= 6.0.4.1)
      activejob (= 6.0.4.1)
      mail (~> 2.5, >= 2.5.4)
      rails-dom-testing (~> 2.0)
    actionpack (6.0.4.1)
      actionview (= 6.0.4.1)
      activesupport (= 6.0.4.1)
      rack (~> 2.0, >= 2.0.8)
      rack-test (>= 0.6.3)
      rails-dom-testing (~> 2.0)
      rails-html-sanitizer (~> 1.0, >= 1.2.0)
    actiontext (6.0.4.1)
      actionpack (= 6.0.4.1)
      activerecord (= 6.0.4.1)
      activestorage (= 6.0.4.1)
      activesupport (= 6.0.4.1)
      nokogiri (>= 1.8.5)
    actionview (6.0.4.1)
      activesupport (= 6.0.4.1)
      builder (~> 3.1)
      erubi (~> 1.4)
      rails-dom-testing (~> 2.0)
      rails-html-sanitizer (~> 1.1, >= 1.2.0)
    active_hash (3.1.0)
      activesupport (>= 5.0.0)
    activejob (6.0.4.1)
      activesupport (= 6.0.4.1)
      globalid (>= 0.3.6)
    activemodel (6.0.4.1)
      activesupport (= 6.0.4.1)
    activerecord (6.0.4.1)
      activemodel (= 6.0.4.1)
      activesupport (= 6.0.4.1)
    activestorage (6.0.4.1)
      actionpack (= 6.0.4.1)
      activejob (= 6.0.4.1)
      activerecord (= 6.0.4.1)
      marcel (~> 1.0.0)
    activesupport (6.0.4.1)
      concurrent-ruby (~> 1.0, >= 1.0.2)
      i18n (>= 0.7, < 2)
      minitest (~> 5.1)
      tzinfo (~> 1.1)
      zeitwerk (~> 2.2, >= 2.2.2)
    addressable (2.8.0)
      public_suffix (>= 2.0.2, < 5.0)
    airbrussh (1.4.0)
      sshkit (>= 1.6.1, != 1.7.0)
    aws-eventstream (1.2.0)
    aws-partitions (1.509.0)
    aws-sdk-core (3.121.1)
      aws-eventstream (~> 1, >= 1.0.2)
      aws-partitions (~> 1, >= 1.239.0)
      aws-sigv4 (~> 1.1)
      jmespath (~> 1.0)
    aws-sdk-kms (1.48.0)
      aws-sdk-core (~> 3, >= 3.120.0)
      aws-sigv4 (~> 1.1)
    aws-sdk-s3 (1.61.1)
      aws-sdk-core (~> 3, >= 3.83.0)
      aws-sdk-kms (~> 1)
      aws-sigv4 (~> 1.1)
    aws-sigv4 (1.4.0)
      aws-eventstream (~> 1, >= 1.0.2)
    bcrypt (3.1.16)
    bindex (0.8.1)
    bootsnap (1.9.1)
      msgpack (~> 1.0)
    builder (3.2.4)
    byebug (11.1.3)
    capistrano (3.16.0)
      airbrussh (>= 1.0.0)
      i18n
      rake (>= 10.0.0)
      sshkit (>= 1.9.0)
    capistrano-bundler (1.6.0)
      capistrano (~> 3.1)
    capistrano-rails (1.6.1)
      capistrano (~> 3.1)
      capistrano-bundler (>= 1.1, < 3)
    capistrano-rbenv (2.1.3)
      capistrano (~> 3.1)
      sshkit (~> 1.3)
    capistrano-shell (0.2.0)
      capistrano (~> 3.1)
    capistrano-sidekiq (1.0.0)
      capistrano (>= 3.9.0)
      sidekiq (>= 3.4)
    capistrano-yarn (2.0.2)
      capistrano (~> 3.0)
    capistrano3-puma (1.2.1)
      capistrano (~> 3.0)
      puma (>= 2.6)
    capybara (3.35.3)
      addressable
      mini_mime (>= 0.1.3)
      nokogiri (~> 1.8)
      rack (>= 1.6.0)
      rack-test (>= 0.6.3)
      regexp_parser (>= 1.5, < 3.0)
      xpath (~> 3.2)
    childprocess (3.0.0)
    chronic (0.10.2)
    concurrent-ruby (1.1.9)
    connection_pool (2.2.5)
    crass (1.0.6)
    database_cleaner (1.7.0)
    devise (4.7.1)
      bcrypt (~> 3.0)
      orm_adapter (~> 0.1)
      railties (>= 4.1.0)
      responders
      warden (~> 1.2.3)
    diff-lcs (1.4.4)
    docile (1.4.0)
    elasticsearch (7.15.0)
      elasticsearch-api (= 7.15.0)
      elasticsearch-transport (= 7.15.0)
    elasticsearch-api (7.15.0)
      multi_json
    elasticsearch-transport (7.15.0)
      faraday (~> 1)
      multi_json
    erubi (1.10.0)
    factory_bot (5.1.2)
      activesupport (>= 4.2.0)
    factory_bot_rails (5.1.1)
      factory_bot (~> 5.1.0)
      railties (>= 4.2.0)
    faraday (1.8.0)
      faraday-em_http (~> 1.0)
      faraday-em_synchrony (~> 1.0)
      faraday-excon (~> 1.1)
      faraday-httpclient (~> 1.0.1)
      faraday-net_http (~> 1.0)
      faraday-net_http_persistent (~> 1.1)
      faraday-patron (~> 1.0)
      faraday-rack (~> 1.0)
      multipart-post (>= 1.2, < 3)
      ruby2_keywords (>= 0.0.4)
    faraday-em_http (1.0.0)
    faraday-em_synchrony (1.0.0)
    faraday-excon (1.1.0)
    faraday-httpclient (1.0.1)
    faraday-net_http (1.0.1)
    faraday-net_http_persistent (1.2.0)
    faraday-patron (1.0.0)
    faraday-rack (1.0.0)
    fast_jsonapi (1.5)
      activesupport (>= 4.2)
    ffi (1.15.4)
    foreman (0.86.0)
    globalid (0.5.2)
      activesupport (>= 5.0)
    globalize (5.3.1)
      activemodel (>= 4.2, < 6.1)
      activerecord (>= 4.2, < 6.1)
      request_store (~> 1.0)
    has_scope (0.8.0)
      actionpack (>= 5.2)
      activesupport (>= 5.2)
    hashie (4.1.0)
    i18n (1.8.10)
      concurrent-ruby (~> 1.0)
    image_processing (1.12.1)
      mini_magick (>= 4.9.5, < 5)
      ruby-vips (>= 2.0.17, < 3)
    inherited_resources (1.11.0)
      actionpack (>= 5.0, < 6.1)
      has_scope (~> 0.6)
      railties (>= 5.0, < 6.1)
      responders (>= 2, < 4)
    jbuilder (2.11.2)
      activesupport (>= 5.0.0)
    jmespath (1.4.0)
    json (2.5.1)
    json-schema (2.8.1)
      addressable (>= 2.4)
    jwt (2.2.1)
    kaminari (1.2.0)
      activesupport (>= 4.1.0)
      kaminari-actionview (= 1.2.0)
      kaminari-activerecord (= 1.2.0)
      kaminari-core (= 1.2.0)
    kaminari-actionview (1.2.0)
      actionview
      kaminari-core (= 1.2.0)
    kaminari-activerecord (1.2.0)
      activerecord
      kaminari-core (= 1.2.0)
    kaminari-core (1.2.0)
    listen (3.1.5)
      rb-fsevent (~> 0.9, >= 0.9.4)
      rb-inotify (~> 0.9, >= 0.9.7)
      ruby_dep (~> 1.2)
    loofah (2.12.0)
      crass (~> 1.0.2)
      nokogiri (>= 1.5.9)
    mail (2.7.1)
      mini_mime (>= 0.1.1)
    marcel (1.0.2)
    method_source (1.0.0)
    mini_magick (4.11.0)
    mini_mime (1.1.1)
    mini_portile2 (2.6.1)
    minitest (5.14.4)
    msgpack (1.4.2)
    multi_json (1.15.0)
    multipart-post (2.1.1)
    net-scp (3.0.0)
      net-ssh (>= 2.6.5, < 7.0.0)
    net-ssh (6.1.0)
    nio4r (2.5.8)
    nokogiri (1.12.5)
      mini_portile2 (~> 2.6.1)
      racc (~> 1.4)
    oj (3.10.6)
    orm_adapter (0.5.0)
    pdfkit (0.8.4.3.1)
    pg (1.1.4)
    postmark (1.22.0)
      json
    postmark-rails (0.20.0)
      actionmailer (>= 3.0.0)
      postmark (~> 1.15)
    public_suffix (4.0.6)
    puma (4.3.8)
      nio4r (~> 2.0)
    pundit (2.1.0)
      activesupport (>= 3.0.0)
    racc (1.5.2)
    rack (2.2.3)
    rack-attack (6.3.0)
      rack (>= 1.0, < 3)
    rack-protection (2.1.0)
      rack
    rack-proxy (0.7.0)
      rack
    rack-test (1.1.0)
      rack (>= 1.0, < 3)
    rails (6.0.4.1)
      actioncable (= 6.0.4.1)
      actionmailbox (= 6.0.4.1)
      actionmailer (= 6.0.4.1)
      actionpack (= 6.0.4.1)
      actiontext (= 6.0.4.1)
      actionview (= 6.0.4.1)
      activejob (= 6.0.4.1)
      activemodel (= 6.0.4.1)
      activerecord (= 6.0.4.1)
      activestorage (= 6.0.4.1)
      activesupport (= 6.0.4.1)
      bundler (>= 1.3.0)
      railties (= 6.0.4.1)
      sprockets-rails (>= 2.0.0)
    rails-dom-testing (2.0.3)
      activesupport (>= 4.2.0)
      nokogiri (>= 1.6)
    rails-html-sanitizer (1.4.2)
      loofah (~> 2.3)
    railties (6.0.4.1)
      actionpack (= 6.0.4.1)
      activesupport (= 6.0.4.1)
      method_source
      rake (>= 0.8.7)
      thor (>= 0.20.3, < 2.0)
    rake (13.0.6)
    rb-fsevent (0.11.0)
    rb-inotify (0.10.1)
      ffi (~> 1.0)
    redis (4.4.0)
    regexp_parser (2.1.1)
    request_store (1.5.0)
      rack (>= 1.4)
    responders (3.0.1)
      actionpack (>= 5.0)
      railties (>= 5.0)
    rspec-core (3.9.3)
      rspec-support (~> 3.9.3)
    rspec-expectations (3.9.4)
      diff-lcs (>= 1.2.0, < 2.0)
      rspec-support (~> 3.9.0)
    rspec-mocks (3.9.1)
      diff-lcs (>= 1.2.0, < 2.0)
      rspec-support (~> 3.9.0)
    rspec-rails (3.9.0)
      actionpack (>= 3.0)
      activesupport (>= 3.0)
      railties (>= 3.0)
      rspec-core (~> 3.9.0)
      rspec-expectations (~> 3.9.0)
      rspec-mocks (~> 3.9.0)
      rspec-support (~> 3.9.0)
    rspec-support (3.9.4)
    rswag-api (2.2.0)
      railties (>= 3.1, < 6.1)
    rswag-specs (2.2.0)
      activesupport (>= 3.1, < 6.1)
      json-schema (~> 2.2)
      railties (>= 3.1, < 6.1)
    rswag-ui (2.2.0)
      actionpack (>= 3.1, < 6.1)
      railties (>= 3.1, < 6.1)
    ruby-vips (2.1.3)
      ffi (~> 1.12)
    ruby2_keywords (0.0.5)
    ruby_dep (1.5.0)
    rubyzip (2.3.2)
    sass-rails (6.0.0)
      sassc-rails (~> 2.1, >= 2.1.1)
    sassc (2.4.0)
      ffi (~> 1.9)
    sassc-rails (2.1.2)
      railties (>= 4.0.0)
      sassc (>= 2.0)
      sprockets (> 3.0)
      sprockets-rails
      tilt
    searchkick (4.2.0)
      activemodel (>= 5)
      elasticsearch (>= 6)
      hashie
    selenium-webdriver (3.142.7)
      childprocess (>= 0.5, < 4.0)
      rubyzip (>= 1.2.2)
    sidekiq (5.2.7)
      connection_pool (~> 2.2, >= 2.2.2)
      rack (>= 1.5.0)
      rack-protection (>= 1.5.0)
      redis (>= 3.3.5, < 5)
    simplecov (0.17.1)
      docile (~> 1.1)
      json (>= 1.8, < 3)
      simplecov-html (~> 0.10.0)
    simplecov-html (0.10.2)
    spring (2.1.1)
    spring-watcher-listen (2.0.1)
      listen (>= 2.7, < 4.0)
      spring (>= 1.2, < 3.0)
    sprockets (4.0.2)
      concurrent-ruby (~> 1.0)
      rack (> 1, < 3)
    sprockets-rails (3.2.2)
      actionpack (>= 4.0)
      activesupport (>= 4.0)
      sprockets (>= 3.0.0)
    sshkit (1.21.2)
      net-scp (>= 1.1.2)
      net-ssh (>= 2.8.0)
    stripe (5.22.0)
    stripe_event (2.3.1)
      activesupport (>= 3.1)
      stripe (>= 2.8, < 6)
    thor (1.1.0)
    thread_safe (0.3.6)
    tilt (2.0.10)
    turbolinks (5.2.1)
      turbolinks-source (~> 5.2)
    turbolinks-source (5.2.0)
    tzinfo (1.2.9)
      thread_safe (~> 0.1)
    view_component (2.1.0)
      capybara (~> 3)
    warden (1.2.9)
      rack (>= 2.0.9)
    web-console (4.1.0)
      actionview (>= 6.0.0)
      activemodel (>= 6.0.0)
      bindex (>= 0.4.0)
      railties (>= 6.0.0)
    webdrivers (4.6.1)
      nokogiri (~> 1.6)
      rubyzip (>= 1.3.0)
      selenium-webdriver (>= 3.0, < 4.0)
    webpacker (4.3.0)
      activesupport (>= 4.2)
      rack-proxy (>= 0.6.1)
      railties (>= 4.2)
    websocket-driver (0.7.5)
      websocket-extensions (>= 0.1.0)
    websocket-extensions (0.1.5)
    whenever (1.0.0)
      chronic (>= 0.6.3)
    xpath (3.2.0)
      nokogiri (~> 1.8)
    zeitwerk (2.4.2)

PLATFORMS
  ruby

DEPENDENCIES
  active_hash (= 3.1.0)
  aws-sdk-s3 (= 1.61.1)
  bootsnap (>= 1.4.2)
  byebug
  capistrano (~> 3.7)
  capistrano-bundler (~> 1.2)
  capistrano-rails (~> 1.2)
  capistrano-rbenv (= 2.1.3)
  capistrano-shell
  capistrano-sidekiq (= 1.0.0)
  capistrano-yarn
  capistrano3-puma (~> 1.2)
  capybara (>= 2.15)
  database_cleaner (= 1.7.0)
  devise (= 4.7.1)
  factory_bot_rails (= 5.1.1)
  fast_jsonapi (~> 1.5)
  foreman (= 0.86.0)
  globalize (~> 5.3)
  image_processing (~> 1.2)
  inherited_resources (= 1.11.0)
  jbuilder (~> 2.7)
  jwt (= 2.2.1)
  kaminari (= 1.2.0)
  listen (>= 3.0.5, < 3.2)
  oj (= 3.10.6)
  pdfkit (= 0.8.4.3.1)
  pg (= 1.1.4)
  postmark-rails (= 0.20.0)
  puma (~> 4.1)
  pundit (= 2.1.0)
  rack-attack (= 6.3.0)
  rails (~> 6.0.1)
  redis (~> 4.0)
  rspec-rails (= 3.9.0)
  rswag-api (= 2.2.0)
  rswag-specs (= 2.2.0)
  rswag-ui (= 2.2.0)
  sass-rails (>= 6)
  searchkick (= 4.2.0)
  selenium-webdriver
  sidekiq (= 5.2.7)
  simplecov (= 0.17.1)
  spring
  spring-watcher-listen (~> 2.0.0)
  stripe (= 5.22.0)
  stripe_event (= 2.3.1)
  turbolinks (~> 5)
  tzinfo-data
  view_component (= 2.1.0)
  web-console (>= 3.3.0)
  webdrivers
  webpacker (~> 4.0)
  whenever (= 1.0.0)

RUBY VERSION
   ruby 2.6.3p62

BUNDLED WITH
   1.17.2
